GEM
  remote: https://rubygems.org/
  specs:
    activesupport (5.2.1)
      concurrent-ruby (~> 1.0, >= 1.0.2)
      i18n (>= 0.7, < 2)
      minitest (~> 5.1)
      tzinfo (~> 1.1)
    awesome_print (1.8.0)
    binance (1.2.0)
      faraday (~> 0.12)
      faraday_middleware (~> 0.12)
      faye-websocket (~> 0.10)
    bittrex (0.0.6)
      faraday (>= 0.9.0)
    coderay (1.1.2)
    concurrent-ruby (1.1.3)
    eventmachine (1.2.7)
    faraday (0.15.3)
      multipart-post (>= 1.2, < 3)
    faraday_middleware (0.12.2)
      faraday (>= 0.7.4, < 1.0)
    faye-websocket (0.10.7)
      eventmachine (>= 0.12.0)
      websocket-driver (>= 0.5.1)
    i18n (1.1.1)
      concurrent-ruby (~> 1.0)
    json (2.1.0)
    method_source (0.9.1)
    minitest (5.11.3)
    multipart-post (2.0.0)
    pry (0.12.0)
      coderay (~> 1.1.0)
      method_source (~> 0.9.0)
    thread_safe (0.3.6)
    tzinfo (1.2.5)
      thread_safe (~> 0.1)
    websocket-driver (0.7.0)
      websocket-extensions (>= 0.1.0)
    websocket-extensions (0.1.3)

PLATFORMS
  ruby

DEPENDENCIES
  activesupport
  awesome_print
  binance
  bittrex
  json
  pry

BUNDLED WITH
   1.16.6
